GEM
  remote: https://rubygems.org/
  specs:
    github-markup (1.4.0)

PLATFORMS
  ruby

DEPENDENCIES
  github-markup

BUNDLED WITH
   1.11.2
